GEM
  remote: https://rubygems.org/
  specs:
    actioncable (6.1.7.1)
      actionpack (= 6.1.7.1)
      activesupport (= 6.1.7.1)
      nio4r (~> 2.0)
      websocket-driver (>= 0.6.1)
    actionmailbox (6.1.7.1)
      actionpack (= 6.1.7.1)
      activejob (= 6.1.7.1)
      activerecord (= 6.1.7.1)
      activestorage (= 6.1.7.1)
      activesupport (= 6.1.7.1)
      mail (>= 2.7.1)
    actionmailer (6.1.7.1)
      actionpack (= 6.1.7.1)
      actionview (= 6.1.7.1)
      activejob (= 6.1.7.1)
      activesupport (= 6.1.7.1)
      mail (~> 2.5, >= 2.5.4)
      rails-dom-testing (~> 2.0)
    actionpack (6.1.7.1)
      actionview (= 6.1.7.1)
      activesupport (= 6.1.7.1)
      rack (~> 2.0, >= 2.0.9)
      rack-test (>= 0.6.3)
      rails-dom-testing (~> 2.0)
      rails-html-sanitizer (~> 1.0, >= 1.2.0)
    actiontext (6.1.7.1)
      actionpack (= 6.1.7.1)
      activerecord (= 6.1.7.1)
      activestorage (= 6.1.7.1)
      activesupport (= 6.1.7.1)
      nokogiri (>= 1.8.5)
    actionview (6.1.7.1)
      activesupport (= 6.1.7.1)
      builder (~> 3.1)
      erubi (~> 1.4)
      rails-dom-testing (~> 2.0)
      rails-html-sanitizer (~> 1.1, >= 1.2.0)
    activejob (6.1.7.1)
      activesupport (= 6.1.7.1)
      globalid (>= 0.3.6)
    activemodel (6.1.7.1)
      activesupport (= 6.1.7.1)
    activerecord (6.1.7.1)
      activemodel (= 6.1.7.1)
      activesupport (= 6.1.7.1)
    activestorage (6.1.7.1)
      actionpack (= 6.1.7.1)
      activejob (= 6.1.7.1)
      activerecord (= 6.1.7.1)
      activesupport (= 6.1.7.1)
      marcel (~> 1.0)
      mini_mime (>= 1.1.0)
    activesupport (6.1.7.1)
      concurrent-ruby (~> 1.0, >= 1.0.2)
      i18n (>= 1.6, < 2)
      minitest (>= 5.1)
      tzinfo (~> 2.0)
      zeitwerk (~> 2.3)
    addressable (2.8.1)
      public_suffix (>= 2.0.2, < 6.0)
    argon2 (2.1.1)
      ffi (~> 1.14)
      ffi-compiler (~> 1.0)
    aws-eventstream (1.2.0)
    aws-partitions (1.646.0)
    aws-sdk-core (3.160.0)
      aws-eventstream (~> 1, >= 1.0.2)
      aws-partitions (~> 1, >= 1.525.0)
      aws-sigv4 (~> 1.1)
      jmespath (~> 1, >= 1.6.1)
    aws-sdk-kms (1.58.0)
      aws-sdk-core (~> 3, >= 3.127.0)
      aws-sigv4 (~> 1.1)
    aws-sdk-s3 (1.114.0)
      aws-sdk-core (~> 3, >= 3.127.0)
      aws-sdk-kms (~> 1)
      aws-sigv4 (~> 1.4)
    aws-sigv4 (1.5.2)
      aws-eventstream (~> 1, >= 1.0.2)
    babel-source (5.8.35)
    babel-transpiler (0.7.0)
      babel-source (>= 4.0, < 6)
      execjs (~> 2.0)
    bcrypt (3.1.18)
    bindex (0.8.1)
    bootsnap (1.13.0)
      msgpack (~> 1.2)
    bourbon (4.0.2)
      sass (~> 3.3)
      thor
    bourne (1.6.0)
      mocha (~> 1.1)
    builder (3.2.4)
    byebug (11.1.3)
    capybara (3.35.3)
      addressable
      mini_mime (>= 0.1.3)
      nokogiri (~> 1.8)
      rack (>= 1.6.0)
      rack-test (>= 0.6.3)
      regexp_parser (>= 1.5, < 3.0)
      xpath (~> 3.2)
    capybara-screenshot (1.0.26)
      capybara (>= 1.0, < 4)
      launchy
    childprocess (3.0.0)
    clearance (2.5.0)
      actionmailer (>= 5.0)
      activemodel (>= 5.0)
      activerecord (>= 5.0)
      argon2 (~> 2.0, >= 2.0.2)
      bcrypt (>= 3.1.1)
      email_validator (~> 2.0)
      railties (>= 5.0)
    clearance-deprecated_password_strategies (1.10.2)
      activesupport
      clearance (>= 1.10)
    coderay (1.0.6)
    coffee-rails (5.0.0)
      coffee-script (>= 2.2.0)
      railties (>= 5.2.0)
    coffee-script (2.4.1)
      coffee-script-source
      execjs
    coffee-script-source (1.12.2)
    concurrent-ruby (1.2.0)
    connection_pool (2.2.2)
    content_disposition (1.0.0)
    crass (1.0.6)
    cucumber-gherkin (14.2.0)
      cucumber-messages (~> 12.4, >= 12.4.0)
    cucumber-messages (12.4.0)
      protobuf-cucumber (~> 3.10, >= 3.10.8)
    database_cleaner (1.7.0)
    diff-lcs (1.5.0)
    domain_name (0.5.20190701)
      unf (>= 0.0.5, < 1.0.0)
    dotenv (1.0.2)
    dotenv-rails (1.0.2)
      dotenv (= 1.0.2)
    down (5.3.1)
      addressable (~> 2.8)
    email_spec (1.6.0)
      launchy (~> 2.1)
      mail (~> 2.2)
    email_validator (2.2.3)
      activemodel
    erubi (1.12.0)
    execjs (2.8.1)
    factory_girl (3.5.0)
      activesupport (>= 3.0.0)
    factory_girl_rails (3.5.0)
      factory_girl (~> 3.5.0)
      railties (>= 3.0.0)
    faker (2.23.0)
      i18n (>= 1.8.11, < 2)
    ffi (1.15.5)
    ffi-compiler (1.0.1)
      ffi (>= 1.0.0)
      rake
    flutie (2.1.0)
    formtastic (2.2.0)
      actionpack (>= 3.0)
    friendly_id (5.4.2)
      activerecord (>= 4.0.0)
    globalid (1.1.0)
      activesupport (>= 5.0)
    high_voltage (3.1.2)
    honeypot-captcha (1.0.1)
    http (4.4.1)
      addressable (~> 2.3)
      http-cookie (~> 1.0)
      http-form_data (~> 2.2)
      http-parser (~> 1.2.0)
    http-cookie (1.0.5)
      domain_name (~> 0.5)
    http-form_data (2.3.0)
    http-parser (1.2.3)
      ffi-compiler (>= 1.0, < 2.0)
    i18n (1.12.0)
      concurrent-ruby (~> 1.0)
    importmap-rails (1.1.5)
      actionpack (>= 6.0.0)
      railties (>= 6.0.0)
    it (1.0.0)
      actionpack (>= 3.0.0)
    jbuilder (2.10.1)
      activesupport (>= 5.0.0)
    jmespath (1.6.1)
    jquery-rails (4.1.1)
      rails-dom-testing (>= 1, < 3)
      railties (>= 4.2.0)
      thor (>= 0.14, < 2.0)
    jquery-ui-rails (6.0.0)
      railties (>= 3.2.16)
    launchy (2.5.0)
      addressable (~> 2.7)
    letter_opener (1.8.1)
      launchy (>= 2.2, < 3)
    listen (3.1.5)
      rb-fsevent (~> 0.9, >= 0.9.4)
      rb-inotify (~> 0.9, >= 0.9.7)
      ruby_dep (~> 1.2)
    loofah (2.19.1)
      crass (~> 1.0.2)
      nokogiri (>= 1.5.9)
    magnific-popup-rails (1.1.0)
    mail (2.7.1)
      mini_mime (>= 0.1.1)
    marcel (1.0.2)
    metaclass (0.0.4)
    method_source (0.7.1)
    middleware (0.1.0)
    mini_mime (1.1.2)
    mini_portile2 (2.8.1)
    minitest (5.17.0)
    mocha (1.2.1)
      metaclass (~> 0.0.1)
    msgpack (1.6.0)
    newrelic_rpm (7.2.0)
    nio4r (2.5.8)
    nokogiri (1.13.10)
      mini_portile2 (~> 2.8.0)
      racc (~> 1.4)
    pg (1.4.4)
    protobuf-cucumber (3.10.8)
      activesupport (>= 3.2)
      middleware
      thor
      thread_safe
    pry (0.9.9.6)
      coderay (~> 1.0.5)
      method_source (~> 0.7.1)
      slop (>= 2.4.4, < 3)
    pry-nav (0.2.1)
      pry (~> 0.9.9)
    public_suffix (4.0.7)
    puma (5.6.4)
      nio4r (~> 2.0)
    racc (1.6.2)
    rack (2.2.6.2)
    rack-attack (6.6.1)
      rack (>= 1.0, < 3)
    rack-cors (1.1.1)
      rack (>= 2.0.0)
    rack-ssl-enforcer (0.2.9)
    rack-test (2.0.2)
      rack (>= 1.3)
    rails (6.1.7.1)
      actioncable (= 6.1.7.1)
      actionmailbox (= 6.1.7.1)
      actionmailer (= 6.1.7.1)
      actionpack (= 6.1.7.1)
      actiontext (= 6.1.7.1)
      actionview (= 6.1.7.1)
      activejob (= 6.1.7.1)
      activemodel (= 6.1.7.1)
      activerecord (= 6.1.7.1)
      activestorage (= 6.1.7.1)
      activesupport (= 6.1.7.1)
      bundler (>= 1.15.0)
      railties (= 6.1.7.1)
      sprockets-rails (>= 2.0.0)
    rails-controller-testing (1.0.4)
      actionpack (>= 5.0.1.x)
      actionview (>= 5.0.1.x)
      activesupport (>= 5.0.1.x)
    rails-dom-testing (2.0.3)
      activesupport (>= 4.2.0)
      nokogiri (>= 1.6)
    rails-html-sanitizer (1.5.0)
      loofah (~> 2.19, >= 2.19.1)
    rails_12factor (0.0.2)
      rails_serve_static_assets
      rails_stdout_logging
    rails_serve_static_assets (0.0.2)
    rails_stdout_logging (0.0.3)
    railties (6.1.7.1)
      actionpack (= 6.1.7.1)
      activesupport (= 6.1.7.1)
      method_source
      rake (>= 12.2)
      thor (~> 1.0)
    rake (13.0.6)
    rb-fsevent (0.10.3)
    rb-inotify (0.10.0)
      ffi (~> 1.0)
    react-rails (2.6.1)
      babel-transpiler (>= 0.7.0)
      connection_pool
      execjs
      railties (>= 3.2)
      tilt
    redcarpet (3.5.1)
    regexp_parser (2.6.0)
    roda (3.61.0)
      rack
    rollbar (3.3.2)
    rspec (3.12.0)
      rspec-core (~> 3.12.0)
      rspec-expectations (~> 3.12.0)
      rspec-mocks (~> 3.12.0)
    rspec-core (3.12.0)
      rspec-support (~> 3.12.0)
    rspec-expectations (3.12.0)
      diff-lcs (>= 1.2.0, < 2.0)
      rspec-support (~> 3.12.0)
    rspec-mocks (3.12.0)
      diff-lcs (>= 1.2.0, < 2.0)
      rspec-support (~> 3.12.0)
    rspec-rails (6.0.1)
      actionpack (>= 6.1)
      activesupport (>= 6.1)
      railties (>= 6.1)
      rspec-core (~> 3.11)
      rspec-expectations (~> 3.11)
      rspec-mocks (~> 3.11)
      rspec-support (~> 3.11)
    rspec-support (3.12.0)
    ruby_dep (1.5.0)
    rubyzip (2.3.2)
    sass (3.7.3)
      sass-listen (~> 4.0.0)
    sass-listen (4.0.0)
      rb-fsevent (~> 0.9, >= 0.9.4)
      rb-inotify (~> 0.9, >= 0.9.7)
    sassc (2.0.1)
      ffi (~> 1.9)
      rake
    sassc-rails (2.1.1)
      railties (>= 4.0.0)
      sassc (>= 2.0)
      sprockets (> 3.0)
      sprockets-rails
      tilt
    selenium-webdriver (3.142.7)
      childprocess (>= 0.5, < 4.0)
      rubyzip (>= 1.2.2)
    sham_rack (1.3.4)
      rack
    shoulda-matchers (3.1.3)
      activesupport (>= 4.0.0)
    shrine (3.4.0)
      content_disposition (~> 1.0)
      down (~> 5.1)
    shrine-tus (2.1.1)
      shrine (~> 3.2)
      shrine-url (~> 2.4)
      tus-server (~> 2.0)
    shrine-url (2.4.1)
      down (~> 5.0)
      http (>= 3.2, < 6)
      shrine (>= 3.0.0.rc, < 4)
    simple_form (5.1.0)
      actionpack (>= 5.2)
      activemodel (>= 5.2)
    slop (2.4.4)
    sprockets (4.2.0)
      concurrent-ruby (~> 1.0)
      rack (>= 2.2.4, < 4)
    sprockets-rails (3.4.2)
      actionpack (>= 5.2)
      activesupport (>= 5.2)
      sprockets (>= 3.0.0)
    sprockets-redirect (0.1.0)
      activesupport (>= 3.1.0)
      rack
    stimulus-rails (1.1.1)
      railties (>= 6.0.0)
    sucker_punch (3.1.0)
      concurrent-ruby (~> 1.0)
    terser (1.1.12)
      execjs (>= 0.3.0, < 3)
    textacular (5.5.1)
      activerecord (>= 5.0, < 7.1)
    thor (1.2.1)
    thread_safe (0.3.6)
    tilt (2.0.9)
    timecop (0.3.5)
    turbo-rails (1.3.2)
      actionpack (>= 6.0.0)
      activejob (>= 6.0.0)
      railties (>= 6.0.0)
    turnip (4.3.0)
      cucumber-gherkin (~> 14.0)
      rspec (>= 3.0, < 4.0)
    tus-server (2.3.0)
      content_disposition (~> 1.0)
      roda (>= 2.27, < 4)
    tzinfo (2.0.6)
      concurrent-ruby (~> 1.0)
    unf (0.1.4)
      unf_ext
    unf_ext (0.0.8.2)
    uppy-s3_multipart (1.2.0)
      aws-sdk-s3 (~> 1.0)
      content_disposition (~> 1.0)
      roda (>= 2.27, < 4)
    web-console (4.2.0)
      actionview (>= 6.0.0)
      activemodel (>= 6.0.0)
      bindex (>= 0.4.0)
      railties (>= 6.0.0)
    webdrivers (4.6.1)
      nokogiri (~> 1.6)
      rubyzip (>= 1.3.0)
      selenium-webdriver (>= 3.0, < 4.0)
    websocket-driver (0.7.5)
      websocket-extensions (>= 0.1.0)
    websocket-extensions (0.1.5)
    will_paginate (3.3.1)
    xmlrpc (0.3.0)
    xpath (3.2.0)
      nokogiri (~> 1.8)
    zeitwerk (2.6.7)

PLATFORMS
  ruby

DEPENDENCIES
  addressable
  aws-sdk-s3
  bootsnap (>= 1.1.0)
  bourbon (~> 4.0.2)
  bourne
  byebug
  capybara (~> 3)
  capybara-screenshot (~> 1.0)
  clearance (~> 2.5.0)
  clearance-deprecated_password_strategies
  coffee-rails
  database_cleaner
  dotenv-rails
  email_spec
  factory_girl_rails
  faker
  flutie
  formtastic
  friendly_id (~> 5.4.2)
  high_voltage
  honeypot-captcha
  importmap-rails
  it
  jbuilder
  jquery-rails (~> 4.1.1)
  jquery-ui-rails (~> 6.0.0)
  launchy
  letter_opener
  listen
  magnific-popup-rails
  mail (~> 2.7.1)
  newrelic_rpm (~> 7.2)
  nokogiri (~> 1.13.10)
  pg (~> 1.4.4)
  pry
  pry-nav
  puma
  rack-attack
  rack-cors
  rack-ssl-enforcer
  rails (= 6.1.7.1)
  rails-controller-testing
  rails_12factor
  rake
  react-rails
  redcarpet
  rollbar
  rspec-rails (~> 6.0.1)
  sassc-rails (~> 2.1)
  sham_rack
  shoulda-matchers (~> 3)
  shrine (~> 3)
  shrine-tus (~> 2.1)
  simple_form (~> 5.1)
  sprockets-redirect
  stimulus-rails
  sucker_punch (~> 3.1)
  terser
  textacular (~> 5.5.1)
  timecop
  turbo-rails
  turnip
  tus-server (~> 2.3)
  uppy-s3_multipart (~> 1.2)
  web-console
  webdrivers
  will_paginate (~> 3.3.1)
  xmlrpc

RUBY VERSION
   ruby 2.7.7p221

BUNDLED WITH
   2.1.4
